GEM
  remote: https://rubygems.org/
  specs:
    foreverb (0.3.3)
      thor (>= 0.15.0)
    httparty (0.9.0)
      multi_json (~> 1.0)
      multi_xml
    multi_json (1.12.1)
    multi_xml (0.5.5)
    nokogiri (1.5.6)
    open_uri_redirections (0.2.1)
    pirata (2.0.1)
      nokogiri (~> 1.5.0, >= 1.5.0)
      open_uri_redirections (~> 0.2)
    thor (0.19.1)
    transmission_api (0.0.7)
      httparty (= 0.9.0)

PLATFORMS
  ruby

DEPENDENCIES
  foreverb
  pirata
  transmission_api

BUNDLED WITH
   1.12.1
